GEM
  remote: http://rubygems.org/
  specs:
    fastimage (1.2.8)

PLATFORMS
  ruby

DEPENDENCIES
  fastimage
