GEM
  specs:
    sdsykes-fastimage (1.2.1)

PLATFORMS
  ruby

DEPENDENCIES
  sdsykes-fastimage
