GEM
  remote: http://rubygems.org/
  specs:
    actionmailer (2.3.10)
      actionpack (= 2.3.10)
    actionpack (2.3.10)
      activesupport (= 2.3.10)
      rack (~> 1.1.0)
    activerecord (2.3.10)
      activesupport (= 2.3.10)
    activeresource (2.3.10)
      activesupport (= 2.3.10)
    activesupport (2.3.10)
    annotate-models (1.0.4)
    diff-lcs (1.1.2)
    fastimage (1.2.8)
    rack (1.1.0)
    rails (2.3.10)
      actionmailer (= 2.3.10)
      actionpack (= 2.3.10)
      activerecord (= 2.3.10)
      activeresource (= 2.3.10)
      activesupport (= 2.3.10)
      rake (>= 0.8.3)
    rake (0.8.7)
    rspec (2.1.0)
      rspec-core (~> 2.1.0)
      rspec-expectations (~> 2.1.0)
      rspec-mocks (~> 2.1.0)
    rspec-core (2.1.0)
    rspec-expectations (2.1.0)
      diff-lcs (~> 1.1.2)
    rspec-mocks (2.1.0)
    rspec-rails (2.1.0)
      rspec (~> 2.1.0)

PLATFORMS
  ruby

DEPENDENCIES
  annotate-models
  fastimage
  rails (= 2.3.10)
  rspec-rails
